GIT
  remote: git://github.com/arunagw/omniauth-twitter.git
  revision: 8981505ae182ef1c66a1f46f751ab2b26cdd14de
  specs:
    omniauth-twitter (0.0.16)
      multi_json (~> 1.3)
      omniauth-oauth (~> 1.0)

GIT
  remote: git://github.com/bbatsov/rubocop.git
  revision: 281db67e3808e843d9064b31f2cd8fa1d967ab48
  specs:
    rubocop (0.12.0)
      backports (~> 3.3.3)
      parser (~> 2.0.0.pre6)
      powerpack (~> 0.0.6)
      rainbow (>= 1.1.4)

GEM
  remote: https://rubygems.org/
  specs:
    activesupport (3.2.12)
      i18n (~> 0.6)
      multi_json (~> 1.0)
    addressable (2.2.8)
    ast (1.1.0)
    backports (3.3.3)
    bcrypt-ruby (3.0.1)
    builder (3.2.0)
    capybara (2.1.0)
      mime-types (>= 1.16)
      nokogiri (>= 1.3.3)
      rack (>= 1.0.0)
      rack-test (>= 0.5.4)
      xpath (~> 2.0)
    childprocess (0.5.6)
      ffi (~> 1.0, >= 1.0.11)
    columnize (0.3.6)
    cucumber (1.3.1)
      builder (>= 2.1.2)
      diff-lcs (>= 1.1.3)
      gherkin (~> 2.12.0)
      multi_json (~> 1.3)
    daemons (1.1.9)
    data_objects (0.10.12)
      addressable (~> 2.1)
    debugger (1.6.0)
      columnize (>= 0.3.1)
      debugger-linecache (~> 1.2.0)
      debugger-ruby_core_source (~> 1.2.1)
    debugger-linecache (1.2.0)
    debugger-ruby_core_source (1.2.2)
    diff-lcs (1.2.4)
    dm-aggregates (1.2.0)
      dm-core (~> 1.2.0)
    dm-ar-finders (1.2.0)
      dm-core (~> 1.2.0)
    dm-constraints (1.2.0)
      dm-core (~> 1.2.0)
    dm-core (1.2.0)
      addressable (~> 2.2.6)
    dm-do-adapter (1.2.0)
      data_objects (~> 0.10.6)
      dm-core (~> 1.2.0)
    dm-migrations (1.2.0)
      dm-core (~> 1.2.0)
    dm-postgres-adapter (1.2.0)
      dm-do-adapter (~> 1.2.0)
      do_postgres (~> 0.10.6)
    dm-sqlite-adapter (1.2.0)
      dm-do-adapter (~> 1.2.0)
      do_sqlite3 (~> 0.10.6)
    dm-timestamps (1.2.0)
      dm-core (~> 1.2.0)
    dm-types (1.2.2)
      bcrypt-ruby (~> 3.0)
      dm-core (~> 1.2.0)
      fastercsv (~> 1.5)
      json (~> 1.6)
      multi_json (~> 1.0)
      stringex (~> 1.4)
      uuidtools (~> 2.1)
    dm-validations (1.2.0)
      dm-core (~> 1.2.0)
    do_postgres (0.10.12)
      data_objects (= 0.10.12)
    do_sqlite3 (0.10.12)
      data_objects (= 0.10.12)
    erubis (2.7.0)
    eventmachine (1.0.0)
    fastercsv (1.5.5)
    ffi (1.9.10)
    gherkin (2.12.0)
      multi_json (~> 1.3)
    googl (0.7.1)
      httparty (~> 0.10)
      json (>= 1.4.6)
    haml (4.0.2)
      tilt
    hashie (1.2.0)
    http_router (0.11.0)
      rack (>= 1.0.0)
      url_mount (~> 0.2.1)
    httparty (0.13.5)
      json (~> 1.8)
      multi_xml (>= 0.5.2)
    i18n (0.6.4)
    json (1.8.3)
    mail (2.5.3)
      i18n (>= 0.4.0)
      mime-types (~> 1.16)
      treetop (~> 1.4.8)
    mime-types (1.23)
    multi_json (1.11.2)
    multi_xml (0.5.5)
    nokogiri (1.5.9)
    oauth (0.4.7)
    omniauth (1.1.0)
      hashie (~> 1.2)
      rack
    omniauth-oauth (1.0.1)
      oauth
      omniauth (~> 1.0)
    padrino (0.11.1)
      padrino-admin (= 0.11.1)
      padrino-cache (= 0.11.1)
      padrino-core (= 0.11.1)
      padrino-gen (= 0.11.1)
      padrino-helpers (= 0.11.1)
      padrino-mailer (= 0.11.1)
    padrino-admin (0.11.1)
      padrino-core (= 0.11.1)
      padrino-helpers (= 0.11.1)
    padrino-cache (0.11.1)
      padrino-core (= 0.11.1)
      padrino-helpers (= 0.11.1)
    padrino-core (0.11.1)
      activesupport (>= 3.1.0)
      http_router (~> 0.11.0)
      rack-protection (>= 1.5.0)
      sinatra (~> 1.4.2)
      thor (~> 0.17.0)
      tilt (~> 1.3.0)
    padrino-gen (0.11.1)
      bundler (~> 1.0)
      padrino-core (= 0.11.1)
    padrino-helpers (0.11.1)
      i18n (~> 0.6)
      padrino-core (= 0.11.1)
    padrino-mailer (0.11.1)
      mail (~> 2.5.3)
      padrino-core (= 0.11.1)
    parser (2.0.0.pre6)
      ast (~> 1.1)
      slop (~> 3.4, >= 3.4.5)
    pg (0.14.0)
    polyglot (0.3.3)
    powerpack (0.0.7)
    rack (1.5.2)
    rack-protection (1.5.0)
      rack
    rack-test (0.6.2)
      rack (>= 1.0)
    rainbow (1.1.4)
    rake (10.0.4)
    rspec (2.13.0)
      rspec-core (~> 2.13.0)
      rspec-expectations (~> 2.13.0)
      rspec-mocks (~> 2.13.0)
    rspec-core (2.13.1)
    rspec-expectations (2.13.0)
      diff-lcs (>= 1.1.3, < 2.0)
    rspec-mocks (2.13.1)
    rspec_junit_formatter (0.1.1)
      builder
      rspec (~> 2.0)
    rubyzip (1.1.7)
    selenium-webdriver (2.47.1)
      childprocess (~> 0.5)
      multi_json (~> 1.0)
      rubyzip (~> 1.0)
      websocket (~> 1.0)
    simplecov (0.6.4)
      multi_json (~> 1.0)
      simplecov-html (~> 0.5.3)
    simplecov-html (0.5.3)
    sinatra (1.4.2)
      rack (~> 1.5, >= 1.5.2)
      rack-protection (~> 1.4)
      tilt (~> 1.3, >= 1.3.4)
    slim (1.3.8)
      temple (~> 0.6.3)
      tilt (~> 1.3.3)
    slop (3.4.6)
    stringex (1.5.1)
    temple (0.6.4)
    thin (1.5.0)
      daemons (>= 1.0.9)
      eventmachine (>= 0.12.6)
      rack (>= 1.0.0)
    thor (0.17.0)
    tilt (1.3.7)
    treetop (1.4.12)
      polyglot
      polyglot (>= 0.3.1)
    url_mount (0.2.1)
      rack
    uuidtools (2.1.4)
    websocket (1.2.2)
    xpath (2.0.0)
      nokogiri (~> 1.3)

PLATFORMS
  ruby

DEPENDENCIES
  capybara
  cucumber
  debugger
  dm-aggregates
  dm-ar-finders
  dm-constraints
  dm-core
  dm-migrations
  dm-postgres-adapter
  dm-sqlite-adapter
  dm-timestamps
  dm-types
  dm-validations
  erubis (~> 2.7.0)
  googl
  haml
  omniauth
  omniauth-twitter!
  padrino (= 0.11.1)
  pg
  rack-test
  rake
  rspec
  rspec_junit_formatter
  rubocop!
  selenium-webdriver (~> 2.47.1)
  simplecov
  slim
  thin
  tilt (= 1.3.7)

BUNDLED WITH
   1.10.6
